GEM
  remote: https://rubygems.org/
  specs:
    dotenv (2.5.0)
    httparty (0.16.3)
      mime-types (~> 3.0)
      multi_xml (>= 0.5.2)
    httpclient (2.8.3)
    mime-types (3.2.2)
      mime-types-data (~> 3.2015)
    mime-types-data (3.2018.0812)
    multi_json (1.13.1)
    multi_xml (0.6.0)
    mustermann (1.0.3)
    puma (3.12.0)
    pusher (1.3.2)
      httpclient (~> 2.7)
      multi_json (~> 1.0)
      pusher-signature (~> 0.1.8)
    pusher-signature (0.1.8)
    rack (2.2.2)
    rack-protection (2.0.4)
      rack
    sinatra (2.0.4)
      mustermann (~> 1.0)
      rack (~> 2.0)
      rack-protection (= 2.0.4)
      tilt (~> 2.0)
    tilt (2.0.8)

PLATFORMS
  ruby

DEPENDENCIES
  dotenv
  httparty
  puma
  pusher
  sinatra

RUBY VERSION
   ruby 2.4.5p335

BUNDLED WITH
   1.16.6
