GEM
  remote: https://rubygems.org/
  specs:
    dotenv (2.2.1)
    httparty (0.15.5)
      multi_xml (>= 0.5.2)
    httpclient (2.8.3)
    multi_json (1.12.1)
    multi_xml (0.6.0)
    mustermann (1.0.0)
    puma (3.9.1)
    pusher (1.3.1)
      httpclient (~> 2.7)
      multi_json (~> 1.0)
      pusher-signature (~> 0.1.8)
    pusher-signature (0.1.8)
    rack (2.0.3)
    rack-protection (2.0.0)
      rack
    sinatra (2.0.0)
      mustermann (~> 1.0)
      rack (~> 2.0)
      rack-protection (= 2.0.0)
      tilt (~> 2.0)
    tilt (2.0.7)

PLATFORMS
  ruby

DEPENDENCIES
  dotenv
  httparty
  puma
  pusher
  sinatra

RUBY VERSION
   ruby 2.4.1p111

BUNDLED WITH
   1.14.6
